GEM
  remote: https://rubygems.org/
  specs:
    diff-lcs (1.4.4)
    pg (1.2.3)
    rspec (3.1.0)
      rspec-core (~> 3.1.0)
      rspec-expectations (~> 3.1.0)
      rspec-mocks (~> 3.1.0)
    rspec-core (3.1.7)
      rspec-support (~> 3.1.0)
    rspec-expectations (3.1.2)
      diff-lcs (>= 1.2.0, < 2.0)
      rspec-support (~> 3.1.0)
    rspec-mocks (3.1.3)
      rspec-support (~> 3.1.0)
    rspec-support (3.1.2)

PLATFORMS
  x86_64-linux

DEPENDENCIES
  pg
  rspec (~> 3.1.0)

BUNDLED WITH
<<<<<<< HEAD
   2.2.27
=======
   2.2.28
>>>>>>> 300e8d79aef17f962770b6b78300cca23d102e75
